GEM
  remote: https://rubygems.org/
  specs:
    minitest (5.9.0)
    rake (10.4.2)

PLATFORMS
  ruby

DEPENDENCIES
  minitest (= 5.9.0)
  rake (= 10.4.2)

BUNDLED WITH
   1.12.5
